PATH
  remote: .
  specs:
    gtfs (0.1.0)
      ruby-progressbar (~> 1.11)
      rubyzip (~> 1.2)
      sqlite3 (~> 1.6)
      terminal-table (~> 3.0)
      thor (~> 1.2)

GEM
  remote: https://rubygems.org/
  specs:
    minitest (5.17.0)
    rake (13.0.6)
    ruby-progressbar (1.11.0)
    rubyzip (1.3.0)
    sqlite3 (1.6.0-x86_64-linux)
    terminal-table (3.0.2)
      unicode-display_width (>= 1.1.1, < 3)
    thor (1.2.1)
    unicode-display_width (2.4.2)

PLATFORMS
  x86_64-linux

DEPENDENCIES
  gtfs!
  minitest (~> 5.0)
  rake (~> 13.0)

BUNDLED WITH
   2.2.33
